PATH
  remote: .
  specs:
    metaboss_rails (0.1.0)
      httparty
      thor

GEM
  remote: https://rubygems.org/
  specs:
    httparty (0.20.0)
      mime-types (~> 3.0)
      multi_xml (>= 0.5.2)
    mime-types (3.4.1)
      mime-types-data (~> 3.2015)
    mime-types-data (3.2022.0105)
    multi_xml (0.6.0)
    rake (13.0.6)
    thor (1.2.1)

PLATFORMS
  x86_64-darwin-21

DEPENDENCIES
  bundler (~> 2.2.31)
  metaboss_rails!
  rake (~> 13.0)

BUNDLED WITH
   2.2.31
