PATH
  remote: .
  specs:
    metaboss_rails (0.1.1)
      thor

GEM
  remote: https://rubygems.org/
  specs:
    rake (13.0.6)
    thor (1.2.1)

PLATFORMS
  x86_64-darwin-21

DEPENDENCIES
  bundler (~> 2.2.31)
  metaboss_rails!
  rake (~> 13.0)

BUNDLED WITH
   2.2.31
